GEM
  remote: https://rubygems.org/
  specs:
    foreman (0.84.0)
      thor (~> 0.19.1)
    mina (1.2.3)
      open4 (~> 1.3.4)
      rake
    open4 (1.3.4)
    rake (12.3.1)
    thor (0.19.4)

PLATFORMS
  ruby

DEPENDENCIES
  foreman
  mina

RUBY VERSION
   ruby 2.4.2p198

BUNDLED WITH
   1.16.2
